GEM
  remote: http://rubygems.org/
  specs:
    beefcake (0.3.7)
    builder (3.2.0)
    daemons (1.1.9)
    eventmachine (1.0.3)
    i18n (0.6.4)
    innertube (1.0.2)
    multi_json (1.6.1)
    oj (2.0.10)
    rack (1.5.2)
    rack-protection (1.5.0)
      rack
    riak-client (1.1.1)
      beefcake (~> 0.3.7)
      builder (>= 2.1.2)
      i18n (>= 0.4.0)
      innertube (~> 1.0.2)
      multi_json (~> 1.0)
    sinatra (1.3.5)
      rack (~> 1.4)
      rack-protection (~> 1.3)
      tilt (~> 1.3, >= 1.3.3)
    thin (1.5.0)
      daemons (>= 1.0.9)
      eventmachine (>= 0.12.6)
      rack (>= 1.0.0)
    tilt (1.3.5)

PLATFORMS
  ruby

DEPENDENCIES
  multi_json
  oj
  riak-client
  sinatra
  thin
