GEM
  remote: https://rubygems.org/
  specs:
    beefcake (0.3.7)
    builder (3.2.2)
    daemons (1.1.9)
    eventmachine (1.0.3)
    i18n (0.6.5)
    innertube (1.0.2)
    json (1.8.0)
    multi_json (1.7.9)
    oj (2.1.4)
    rack (1.5.2)
    rack-protection (1.5.0)
      rack
    riak-client (1.2.0)
      beefcake (~> 0.3.7)
      builder (>= 2.1.2)
      i18n (>= 0.4.0)
      innertube (~> 1.0.2)
      multi_json (~> 1.0)
    sinatra (1.4.3)
      rack (~> 1.4)
      rack-protection (~> 1.4)
      tilt (~> 1.3, >= 1.3.4)
    thin (1.5.1)
      daemons (>= 1.0.9)
      eventmachine (>= 0.12.6)
      rack (>= 1.0.0)
    tilt (1.4.1)

PLATFORMS
  ruby

DEPENDENCIES
  json
  multi_json
  oj
  riak-client
  sinatra
  thin
